PATH
  remote: .
  specs:
    hiking (0.1.0)
      nokogiri (~> 1.10)

GEM
  remote: https://rubygems.org/
  specs:
    coderay (1.1.2)
    method_source (0.9.0)
    mini_portile2 (2.5.1)
    nokogiri (1.11.5)
      mini_portile2 (~> 2.5.0)
      racc (~> 1.4)
    pry (0.11.3)
      coderay (~> 1.1.0)
      method_source (~> 0.9.0)
    racc (1.5.2)
    rake (10.5.0)
    require_all (2.0.0)

PLATFORMS
  ruby

DEPENDENCIES
  bundler (~> 2.0)
  hiking!
  nokogiri (~> 1.11)
  pry
  rake (~> 10.0)
  require_all

BUNDLED WITH
   2.0.1
